GEM
  remote: https://rubygems.org/
  specs:
    base58 (0.2.3)
    dotenv (2.8.1)
    minitest (5.26.0)
    rake (13.3.0)
    tron.rb (1.0.7)
      base58 (~> 0.2)
      dotenv (~> 2.7)

PLATFORMS
  ruby
  x86_64-darwin-22

DEPENDENCIES
  dotenv (~> 2.7)
  minitest (~> 5.0)
  rake (~> 13.0)
  tron.rb (~> 1.0.7)

BUNDLED WITH
   2.7.2
