GEM
  remote: https://rubygems.org/
  specs:
    ansi (1.5.0)
    ast (2.4.3)
    base58-alphabets (1.0.0)
    builder (3.3.0)
    dotenv (2.8.1)
    json (2.15.2)
    keccak (1.3.2)
    language_server-protocol (3.17.0.5)
    lint_roller (1.1.0)
    mini_portile2 (2.8.9)
    minitest (5.26.0)
    minitest-reporters (1.7.1)
      ansi
      builder
      minitest (>= 5.0)
      ruby-progressbar
    parallel (1.27.0)
    parser (3.3.9.0)
      ast (~> 2.4.1)
      racc
    pkg-config (1.6.4)
    prism (1.6.0)
    racc (1.8.1)
    rainbow (3.1.1)
    rake (13.3.0)
    rbsecp256k1 (5.1.1)
      mini_portile2 (~> 2.8)
      pkg-config (~> 1.5)
      rubyzip (~> 2.3)
    regexp_parser (2.11.3)
    rubocop (1.81.6)
      json (~> 2.3)
      language_server-protocol (~> 3.17.0.2)
      lint_roller (~> 1.1.0)
      parallel (~> 1.10)
      parser (>= 3.3.0.2)
      rainbow (>= 2.2.2, < 4.0)
      regexp_parser (>= 2.9.3, < 3.0)
      rubocop-ast (>= 1.47.1, < 2.0)
      ruby-progressbar (~> 1.7)
      unicode-display_width (>= 2.4.0, < 4.0)
    rubocop-ast (1.47.1)
      parser (>= 3.3.7.2)
      prism (~> 1.4)
    ruby-progressbar (1.13.0)
    rubyzip (2.4.1)
    unicode-display_width (3.2.0)
      unicode-emoji (~> 4.1)
    unicode-emoji (4.1.0)

PLATFORMS
  ruby
  x86_64-darwin-22

DEPENDENCIES
  base58-alphabets (~> 1.0)
  bundler (~> 2.4)
  dotenv (~> 2.8)
  keccak (~> 1.3)
  minitest (~> 5.0)
  minitest-reporters (~> 1.4)
  rake (~> 13.0)
  rbsecp256k1 (~> 5.1)
  rubocop (~> 1.50)

BUNDLED WITH
   2.4.22
