GEM
  remote: https://rubygems.org/
  specs:
    base58 (0.2.3)
    dotenv (2.8.1)

PLATFORMS
  ruby
  x86_64-darwin-22

DEPENDENCIES
  base58
  bundler (~> 2.0)
  dotenv (~> 2.8)

BUNDLED WITH
   2.7.2
