GEM
  remote: https://rubygems.org/
  specs:
    ansi (1.5.0)
    base58 (0.2.3)
    builder (3.3.0)
    dotenv (2.8.1)
    keccak (1.3.2)
    mini_portile2 (2.8.9)
    minitest (5.26.0)
    minitest-reporters (1.7.1)
      ansi
      builder
      minitest (>= 5.0)
      ruby-progressbar
    pkg-config (1.6.4)
    rake (13.3.0)
    rbsecp256k1 (5.1.1)
      mini_portile2 (~> 2.8)
      pkg-config (~> 1.5)
      rubyzip (~> 2.3)
    ruby-progressbar (1.13.0)
    rubyzip (2.4.1)

PLATFORMS
  ruby
  x86_64-darwin-22

DEPENDENCIES
  base58
  bundler (~> 2.4)
  dotenv (~> 2.8)
  keccak (~> 1.3)
  minitest (~> 5.0)
  minitest-reporters (~> 1.4)
  rake (~> 13.0)
  rbsecp256k1 (~> 5.1)

BUNDLED WITH
   2.4.22
